GEM
  remote: https://rubygems.org/
  specs:
    ProMotion (2.0.0.rc4)
      methadone (~> 1.4)
    ProMotion-map (0.2.1)
      ProMotion (~> 2.0.0.rc4)
    methadone (1.4.0)
      bundler

PLATFORMS
  ruby

DEPENDENCIES
  ProMotion
  ProMotion-map
